GEM
  remote: https://www.rubygems.org/
  specs:
    cane (2.6.1)
      parallel
    diff-lcs (1.2.5)
    metaclass (0.0.2)
    mocha (1.0.0)
      metaclass (~> 0.0.1)
    parallel (0.9.2)
    rspec (3.0.0.beta1)
      rspec-core (= 3.0.0.beta1)
      rspec-expectations (= 3.0.0.beta1)
      rspec-mocks (= 3.0.0.beta1)
    rspec-core (3.0.0.beta1)
    rspec-expectations (3.0.0.beta1)
      diff-lcs (>= 1.1.3, < 2.0)
      rspec-support (= 3.0.0.beta1)
    rspec-mocks (3.0.0.beta1)
    rspec-support (3.0.0.beta1)

PLATFORMS
  ruby

DEPENDENCIES
  cane
  mocha
  rspec (= 3.0.0.beta1)
